GEM
  remote: https://rubygems.org/
  specs:
    connection_pool (2.4.1)
    dotenv (2.8.1)
    ed25519 (1.3.0)
    faraday (1.10.3)
      faraday-em_http (~> 1.0)
      faraday-em_synchrony (~> 1.0)
      faraday-excon (~> 1.1)
      faraday-httpclient (~> 1.0)
      faraday-multipart (~> 1.0)
      faraday-net_http (~> 1.0)
      faraday-net_http_persistent (~> 1.0)
      faraday-patron (~> 1.0)
      faraday-rack (~> 1.0)
      faraday-retry (~> 1.0)
      ruby2_keywords (>= 0.0.4)
    faraday-em_http (1.0.0)
    faraday-em_synchrony (1.0.0)
    faraday-excon (1.1.0)
    faraday-httpclient (1.0.1)
    faraday-multipart (1.0.4)
      multipart-post (~> 2)
    faraday-net_http (1.0.1)
    faraday-net_http_persistent (1.2.0)
    faraday-patron (1.0.0)
    faraday-rack (1.0.0)
    faraday-retry (1.0.3)
    multipart-post (2.3.0)
    mustermann (3.0.0)
      ruby2_keywords (~> 0.0.1)
    net-http-persistent (4.0.2)
      connection_pool (~> 2.2)
    nio4r (2.5.9)
    puma (6.3.0)
      nio4r (~> 2.0)
    rack (2.2.8)
    rack-protection (3.1.0)
      rack (~> 2.2, >= 2.2.4)
    ruby2_keywords (0.0.5)
    sinatra (3.1.0)
      mustermann (~> 3.0)
      rack (~> 2.2, >= 2.2.4)
      rack-protection (= 3.1.0)
      tilt (~> 2.0)
    telnyx (2.9.0)
      ed25519 (~> 1)
      faraday (>= 0.13, < 2.0, != 0.17.1, != 0.16.2, != 0.16.1, != 0.16.0)
      net-http-persistent (>= 3.0, < 5.0)
    tilt (2.2.0)

PLATFORMS
  arm64-darwin-22

DEPENDENCIES
  dotenv (~> 2.8)
  puma (~> 6.3)
  sinatra (~> 3.1)
  telnyx (~> 2.9)

BUNDLED WITH
   2.4.10
